GEM
  remote: https://rubygems.org/
  specs:
    coderay (1.1.2)
    httpparty (0.0.7)
    jsonify (0.4.1)
      multi_json (~> 1.3)
    method_source (0.9.0)
    mini_portile2 (2.3.0)
    multi_json (1.13.1)
    nokogiri (1.8.2)
      mini_portile2 (~> 2.3.0)
    pry (0.11.3)
      coderay (~> 1.1.0)
      method_source (~> 0.9.0)

PLATFORMS
  ruby

DEPENDENCIES
  httpparty
  jsonify
  nokogiri
  pry

RUBY VERSION
   ruby 2.4.1p111

BUNDLED WITH
   1.16.2
